GEM
  remote: http://rubygems.org/
  specs:
    addressable (2.2.6)
    connexionz (0.0.2)
      faraday (~> 0.6.1)
      faraday_middleware (~> 0.6.3)
      hashie (~> 1.0.0)
      multi_json (~> 1.0.2)
      multi_xml (~> 0.2.2)
      patron (~> 0.4.9)
      rash (~> 0.3.0)
    crack (0.1.8)
    daemons (1.1.4)
    diff-lcs (1.1.2)
    eventmachine (0.12.10)
    faraday (0.6.1)
      addressable (~> 2.2.4)
      multipart-post (~> 1.1.0)
      rack (< 2, >= 1.1.0)
    faraday_middleware (0.6.5)
      faraday (~> 0.6.0)
    hashie (1.0.0)
    httparty (0.7.8)
      crack (= 0.1.8)
    json (1.5.1)
    multi_json (1.0.3)
    multi_xml (0.2.2)
    multipart-post (1.1.2)
    patron (0.4.9)
    rack (1.3.0)
    rack-test (0.6.0)
      rack (>= 1.0)
    rash (0.3.0)
      hashie (~> 1.0.0)
    rspec (2.6.0)
      rspec-core (~> 2.6.0)
      rspec-expectations (~> 2.6.0)
      rspec-mocks (~> 2.6.0)
    rspec-core (2.6.4)
    rspec-expectations (2.6.0)
      diff-lcs (~> 1.1.2)
    rspec-mocks (2.6.0)
    sinatra (1.2.6)
      rack (~> 1.1)
      tilt (< 2.0, >= 1.2.2)
    smsified (0.1.4)
      httparty
    thin (1.2.11)
      daemons (>= 1.0.9)
      eventmachine (>= 0.12.6)
      rack (>= 1.0.0)
    tilt (1.3.2)

PLATFORMS
  ruby

DEPENDENCIES
  connexionz
  json
  patron (= 0.4.9)
  rack-test
  rspec
  sinatra
  smsified
  thin
