GEM
  remote: http://rubygems.org/
  specs:
    addressable (2.2.6)
    connexionz (1.0.0)
      faraday (~> 0.7.4)
      faraday_middleware (~> 0.7.0)
      hashie (~> 1.0.0)
      multi_json (~> 1.0.2)
      multi_xml (~> 0.2.2)
      patron (~> 0.4.14)
      rash (~> 0.3.0)
    crack (0.1.8)
    daemons (1.1.4)
    diff-lcs (1.1.3)
    eventmachine (0.12.10)
    eventmachine (0.12.10-java)
    faraday (0.7.4)
      addressable (~> 2.2.6)
      multipart-post (~> 1.1.0)
      rack (< 2, >= 1.1.0)
    faraday_middleware (0.7.0)
      faraday (~> 0.7.3)
    haml (3.1.2)
    hashie (1.0.0)
    httparty (0.7.8)
      crack (= 0.1.8)
    json (1.5.4)
    json (1.5.4-java)
    multi_json (1.0.3)
    multi_xml (0.2.2)
    multipart-post (1.1.3)
    patron (0.4.15)
    rack (1.3.2)
    rack-test (0.6.1)
      rack (>= 1.0)
    rake (0.9.2)
    rash (0.3.0)
      hashie (~> 1.0.0)
    rspec (2.6.0)
      rspec-core (~> 2.6.0)
      rspec-expectations (~> 2.6.0)
      rspec-mocks (~> 2.6.0)
    rspec-core (2.6.4)
    rspec-expectations (2.6.0)
      diff-lcs (~> 1.1.2)
    rspec-mocks (2.6.0)
    simplecov (0.4.2)
      simplecov-html (~> 0.4.4)
    simplecov-html (0.4.5)
    sinatra (1.2.6)
      rack (~> 1.1)
      tilt (< 2.0, >= 1.2.2)
    smsified (0.1.7)
      httparty
    thin (1.2.11)
      daemons (>= 1.0.9)
      eventmachine (>= 0.12.6)
      rack (>= 1.0.0)
    tilt (1.3.3)
    webmock (1.7.6)
      addressable (> 2.2.5, ~> 2.2)
      crack (>= 0.1.7)

PLATFORMS
  java
  ruby

DEPENDENCIES
  connexionz
  haml
  json
  patron
  rack-test
  rake
  rspec
  simplecov
  sinatra
  smsified
  thin
  webmock
